GEM
  remote: https://rubygems.org/
  specs:
    addressable (2.6.0)
      public_suffix (>= 2.0.2, < 4.0)
    colorize (0.8.1)
    filesize (0.2.0)
    public_suffix (3.0.3)
    ruby-xz (1.0.0)

PLATFORMS
  ruby

DEPENDENCIES
  addressable
  colorize
  filesize
  ruby-xz

BUNDLED WITH
   1.17.2
